GEM
  remote: http://rubygems.org/
  specs:
    git-media (0.1.1)
    proxies (0.2.1)
    right_aws (3.0.4)
      right_http_connection (>= 1.2.5)
    right_http_connection (1.3.0)
    s3 (0.3.11)
      proxies (~> 0.2.0)
    trollop (1.16.2)

PLATFORMS
  ruby

DEPENDENCIES
  git-media
  right_aws
  s3
  trollop
